PATH
  remote: .
  specs:
    ifill (0.7)
      json
      oj

GEM
  remote: https://rubygems.org/
  specs:
    json (1.8.1)
    minitest (5.3.3)
    oj (2.8.1)
    rake (10.3.1)

PLATFORMS
  ruby

DEPENDENCIES
  bundler
  ifill!
  minitest
  rake
